GEM
  remote: https://rubygems.org/
  specs:
    http-2 (1.0.1)
    httpx (1.3.0)
      http-2 (>= 1.0.0)
    tabulo (3.0.1)
      tty-screen (= 0.8.2)
      unicode-display_width (~> 2.5)
    tty-screen (0.8.2)
    unicode-display_width (2.5.0)

PLATFORMS
  ruby
  x86_64-linux

DEPENDENCIES
  httpx (~> 1.2)
  tabulo (~> 3.0)

BUNDLED WITH
   2.5.11
